PATH
  remote: .
  specs:
    interface (0.1.0)

GEM
  remote: https://rubygems.org/
  specs:
    minitest (5.11.3)
    rake (10.4.2)

PLATFORMS
  x86-mingw32

DEPENDENCIES
  bundler (~> 1.15)
  interface!
  minitest (~> 5.0)
  rake (~> 10.0)

BUNDLED WITH
   1.15.3
